GEM
  remote: https://rubygems.org/
  specs:
    ejson (1.1.0)
    rake (12.3.0)

PLATFORMS
  ruby

DEPENDENCIES
  ejson
  rake

BUNDLED WITH
   1.15.1
